GEM
  remote: https://rubygems.org/
  specs:
    bson (1.9.2)
    bson_ext (1.9.2)
      bson (~> 1.9.2)
    daemons (1.1.9)
    eventmachine (1.0.3)
    haml (4.0.3)
      tilt
    httparty (0.11.0)
      multi_json (~> 1.0)
      multi_xml (>= 0.5.2)
    json (1.7.7)
    mongo (1.9.2)
      bson (~> 1.9.2)
    multi_json (1.8.2)
    multi_xml (0.5.5)
    rack (1.5.2)
    rack-protection (1.5.0)
      rack
    shotgun (0.9)
      rack (>= 1.0)
    sinatra (1.4.3)
      rack (~> 1.4)
      rack-protection (~> 1.4)
      tilt (~> 1.3, >= 1.3.4)
    thin (1.6.0)
      daemons (>= 1.0.9)
      eventmachine (>= 1.0.0)
      rack (>= 1.5.0)
    tilt (1.4.1)

PLATFORMS
  ruby

DEPENDENCIES
  bson_ext
  haml
  httparty
  json
  mongo
  shotgun
  sinatra
  thin
